PATH
  remote: .
  specs:
    mina-twist (0.1.0)
      mina (>= 0.3.8)

GEM
  remote: https://rubygems.org/
  specs:
    coderay (1.1.2)
    method_source (0.9.2)
    mina (0.3.8)
      open4 (~> 1.3.4)
      rake
    open4 (1.3.4)
    pry (0.12.2)
      coderay (~> 1.1.0)
      method_source (~> 0.9.0)
    rake (12.3.2)

PLATFORMS
  ruby

DEPENDENCIES
  bundler
  mina-twist!
  pry
  rake

BUNDLED WITH
   2.0.1
